GEM
  remote: https://rubygems.org/
  specs:
    ffi (1.9.14)
    levenshtein (0.2.2)
    levenshtein-ffi (1.1.0)
      ffi (~> 1.9)

PLATFORMS
  ruby

DEPENDENCIES
  levenshtein
  levenshtein-ffi

BUNDLED WITH
   1.13.0
